GEM
  remote: https://rubygems.org/
  specs:
    base64 (0.3.0)
    coderay (1.1.3)
    daemons (1.4.1)
    diff-lcs (1.6.2)
    eventmachine (1.2.7)
    logger (1.7.0)
    method_source (1.1.0)
    mustermann (3.0.4)
      ruby2_keywords (~> 0.0.1)
    nio4r (2.7.4)
    pry (0.15.2)
      coderay (~> 1.1)
      method_source (~> 1.0)
    puma (7.0.2)
      nio4r (~> 2.0)
    rack (3.2.1)
    rack-protection (4.1.1)
      base64 (>= 0.1.0)
      logger (>= 1.6.0)
      rack (>= 3.0.0, < 4)
    rack-session (2.1.1)
      base64 (>= 0.1.0)
      rack (>= 3.0.0)
    rack-test (2.2.0)
      rack (>= 1.3)
    rackup (2.2.1)
      rack (>= 3)
    rspec (3.13.1)
      rspec-core (~> 3.13.0)
      rspec-expectations (~> 3.13.0)
      rspec-mocks (~> 3.13.0)
    rspec-core (3.13.5)
      rspec-support (~> 3.13.0)
    rspec-expectations (3.13.5)
      diff-lcs (>= 1.2.0, < 2.0)
      rspec-support (~> 3.13.0)
    rspec-mocks (3.13.5)
      diff-lcs (>= 1.2.0, < 2.0)
      rspec-support (~> 3.13.0)
    rspec-support (3.13.5)
    ruby2_keywords (0.0.5)
    sinatra (4.1.1)
      logger (>= 1.6.0)
      mustermann (~> 3.0)
      rack (>= 3.0.0, < 4)
      rack-protection (= 4.1.1)
      rack-session (>= 2.0.0, < 3)
      tilt (~> 2.0)
    slim (5.2.1)
      temple (~> 0.10.0)
      tilt (>= 2.1.0)
    temple (0.10.4)
    thin (2.0.1)
      daemons (~> 1.0, >= 1.0.9)
      eventmachine (~> 1.0, >= 1.0.4)
      logger
      rack (>= 1, < 4)
    tilt (2.6.1)

PLATFORMS
  ruby
  x86_64-linux

DEPENDENCIES
  pry
  puma
  rack-test
  rackup
  rspec
  sinatra
  slim
  thin

BUNDLED WITH
   2.7.1
